GEM
  remote: https://rubygems.org/
  specs:
    sqlite3 (1.3.7)
    sqlite3-ruby (1.3.2)

PLATFORMS
  ruby

DEPENDENCIES
  sqlite3
  sqlite3-ruby (= 1.3.2)
